GEM
  remote: http://rubygems.org/
  specs:
    coderay (1.0.6)
    dalli (2.2.1)
    method_source (0.7.1)
    nokogiri (1.5.5)
    pry (0.9.8.4)
      coderay (~> 1.0.5)
      method_source (~> 0.7.1)
      slop (>= 2.4.4, < 3)
    rack (1.4.1)
    rack-protection (1.2.0)
      rack
    sinatra (1.3.2)
      rack (~> 1.3, >= 1.3.6)
      rack-protection (~> 1.2)
      tilt (~> 1.3, >= 1.3.3)
    slop (2.4.4)
    tilt (1.3.3)

PLATFORMS
  ruby

DEPENDENCIES
  dalli
  nokogiri
  pry
  sinatra
