GEM
  remote: https://rubygems.org/
  specs:
    coderay (1.0.6)
    daemons (1.2.6)
    dalli (2.6.4)
    diff-lcs (1.1.3)
    eventmachine (1.2.5)
    fuubar (1.0.0)
      rspec (~> 2.0)
      rspec-instafail (~> 0.2.0)
      ruby-progressbar (~> 0.0.10)
    memcachier (0.0.2)
    method_source (0.7.1)
    mini_portile2 (2.8.0)
    mustermann (1.0.3)
    nokogiri (1.13.3)
      mini_portile2 (~> 2.8.0)
      racc (~> 1.4)
    pry (0.9.8.4)
      coderay (~> 1.0.5)
      method_source (~> 0.7.1)
      slop (>= 2.4.4, < 3)
    racc (1.5.2)
    rack (2.2.3)
    rack-protection (2.0.4)
      rack
    rspec (2.11.0)
      rspec-core (~> 2.11.0)
      rspec-expectations (~> 2.11.0)
      rspec-mocks (~> 2.11.0)
    rspec-core (2.11.1)
    rspec-expectations (2.11.3)
      diff-lcs (~> 1.1.3)
    rspec-instafail (0.2.4)
    rspec-mocks (2.11.3)
    ruby-progressbar (0.0.10)
    sinatra (2.0.4)
      mustermann (~> 1.0)
      rack (~> 2.0)
      rack-protection (= 2.0.4)
      tilt (~> 2.0)
    slop (2.4.4)
    thin (1.8.1)
      daemons (~> 1.0, >= 1.0.9)
      eventmachine (~> 1.0, >= 1.0.4)
      rack (>= 1, < 3)
    tilt (2.0.8)

PLATFORMS
  ruby

DEPENDENCIES
  dalli
  fuubar
  memcachier
  nokogiri
  pry
  rspec
  sinatra
  thin

RUBY VERSION
   ruby 2.7.5p203

BUNDLED WITH
   2.2.32
